PATH
  remote: .
  specs:
    jtippy (0.1.3)

GEM
  remote: https://rubygems.org/
  specs:
    rake (10.4.2)

PLATFORMS
  ruby

DEPENDENCIES
  bundler (~> 2.0)
  jtippy!
  rake (~> 10.0)

BUNDLED WITH
   2.0.1
